PATH
  remote: .
  specs:
    rack_app (0.1.0)

PATH
  remote: /opt/projects/other_projects/codebreaker
  specs:
    codebreaker (0.1.0)

GEM
  remote: https://rubygems.org/
  specs:
    autoprefixer-rails (8.6.4)
      execjs
    bootstrap (4.1.1)
      autoprefixer-rails (>= 6.0.3)
      popper_js (>= 1.12.9, < 2)
      sass (>= 3.5.2)
    coderay (1.1.2)
    diff-lcs (1.3)
    execjs (2.7.0)
    ffi (1.9.25)
    method_source (0.9.0)
    popper_js (1.12.9)
    pry (0.11.3)
      coderay (~> 1.1.0)
      method_source (~> 0.9.0)
    rack (2.0.5)
    rake (10.5.0)
    rb-fsevent (0.10.3)
    rb-inotify (0.9.10)
      ffi (>= 0.5.0, < 2)
    rspec (3.7.0)
      rspec-core (~> 3.7.0)
      rspec-expectations (~> 3.7.0)
      rspec-mocks (~> 3.7.0)
    rspec-core (3.7.1)
      rspec-support (~> 3.7.0)
    rspec-expectations (3.7.0)
      diff-lcs (>= 1.2.0, < 2.0)
      rspec-support (~> 3.7.0)
    rspec-mocks (3.7.0)
      diff-lcs (>= 1.2.0, < 2.0)
      rspec-support (~> 3.7.0)
    rspec-support (3.7.1)
    sass (3.5.6)
      sass-listen (~> 4.0.0)
    sass-listen (4.0.0)
      rb-fsevent (~> 0.9, >= 0.9.4)
      rb-inotify (~> 0.9, >= 0.9.7)

PLATFORMS
  ruby

DEPENDENCIES
  bootstrap (~> 4.1.1)
  bundler (~> 1.16)
  codebreaker!
  pry
  rack
  rack_app!
  rake (~> 10.0)
  rspec (~> 3.0)

BUNDLED WITH
   1.16.2
